GEM
  remote: https://rubygems.org/
  specs:
    concurrent-ruby (1.1.10)
    json (1.8.1)
    opal (0.5.5)
      source_map
    opal-sprockets (0.3.0)
      opal (~> 0.5.0)
      sprockets
    rack (3.0.4.1)
    source_map (3.0.1)
      json
    sprockets (4.2.0)
      concurrent-ruby (~> 1.0)
      rack (>= 2.2.4, < 4)

PLATFORMS
  ruby

DEPENDENCIES
  opal (>= 0.4.3)
  opal-sprockets
